GEM
  remote: http://rubygems.org/
  specs:
    haml (3.1.7)
    json (1.7.5)
    mime-types (1.19)
    pg (0.13.2)
    rack (1.4.1)
    rack-protection (1.2.0)
      rack
    rest-client (1.6.7)
      mime-types (>= 1.16)
    sequel (3.41.0)
    sinatra (1.3.3)
      rack (~> 1.3, >= 1.3.6)
      rack-protection (~> 1.2)
      tilt (~> 1.3, >= 1.3.3)
    tilt (1.3.3)

PLATFORMS
  ruby

DEPENDENCIES
  haml
  json
  pg
  rest-client
  sequel
  sinatra
